GEM
  remote: https://rubygems.org/
  specs:
    activesupport (6.0.1)
      concurrent-ruby (~> 1.0, >= 1.0.2)
      i18n (>= 0.7, < 2)
      minitest (~> 5.1)
      tzinfo (~> 1.1)
      zeitwerk (~> 2.2)
    concurrent-ruby (1.1.5)
    date (2.0.0)
    dotenv (2.7.5)
    i18n (1.7.0)
      concurrent-ruby (~> 1.0)
    json (2.2.0)
    minitest (5.13.0)
    net (0.3.3)
      activesupport
    thread_safe (0.3.6)
    tzinfo (1.2.5)
      thread_safe (~> 0.1)
    zeitwerk (2.2.2)

PLATFORMS
  ruby
  x64-mingw32

DEPENDENCIES
  date (~> 2.0.0)
  dotenv (~> 2.7.5)
  json (~> 2.2.0)
  net (~> 0.3.3)

BUNDLED WITH
   2.0.2
